GEM
  remote: http://rubygems.org/
  specs:
    eventmachine (1.0.0)
    git (1.2.5)
    jeweler (1.8.4)
      bundler (~> 1.0)
      git (>= 1.2.5)
      rake
      rdoc
    json (1.7.5)
    mysql2 (0.3.11)
    rake (0.9.2.2)
    rdoc (3.12)
      json (~> 1.4)
    sequel (3.40.0)

PLATFORMS
  ruby

DEPENDENCIES
  bundler
  eventmachine
  jeweler
  mysql2
  sequel
